GEM
  remote: https://rubygems.org/
  specs:
    mustache (1.0.1)
    rake (12.3.3)

PLATFORMS
  ruby

DEPENDENCIES
  mustache (~> 1.0.1)
  rake (~> 12.3.3)
