GEM
  remote: https://rubygems.org/
  specs:
    mustache (1.0.1)
    rake (10.4.2)

PLATFORMS
  ruby

DEPENDENCIES
  mustache (~> 1.0.1)
  rake (~> 10.4.2)
