GEM
  remote: https://rubygems.org/
  specs:
    mustache (0.99.6)
    rake (10.1.0)

PLATFORMS
  ruby

DEPENDENCIES
  mustache
  rake
